GEM
  remote: https://rubygems.org/
  specs:
    snmp (1.1.1)

PLATFORMS
  ruby

DEPENDENCIES
  snmp
